PATH
  remote: .
  specs:
    graph_performance (0.0.1)
      activesupport
      lock_jar (~> 0.14.5)

GEM
  remote: https://rubygems.org/
  specs:
    activesupport (4.2.5)
      i18n (~> 0.7)
      json (~> 1.7, >= 1.7.7)
      minitest (~> 5.1)
      thread_safe (~> 0.3, >= 0.3.4)
      tzinfo (~> 1.1)
    coderay (1.1.0)
    diff-lcs (1.2.5)
    ffi (1.9.10-java)
    httpclient (2.7.0.1)
    i18n (0.7.0)
    interception (0.5)
    json (1.8.3-java)
    lock_jar (0.14.5)
      naether (~> 0.15.0)
      thor (>= 0.18.1)
    method_source (0.8.2)
    minitest (5.8.3)
    naether (0.15.0-java)
      httpclient
    pry (0.10.3-java)
      coderay (~> 1.1.0)
      method_source (~> 0.8.1)
      slop (~> 3.4)
      spoon (~> 0.0)
    pry-rescue (1.4.2)
      interception (>= 0.5)
      pry
    rake (10.4.2)
    rspec (3.4.0)
      rspec-core (~> 3.4.0)
      rspec-expectations (~> 3.4.0)
      rspec-mocks (~> 3.4.0)
    rspec-core (3.4.1)
      rspec-support (~> 3.4.0)
    rspec-expectations (3.4.0)
      diff-lcs (>= 1.2.0, < 2.0)
      rspec-support (~> 3.4.0)
    rspec-mocks (3.4.0)
      diff-lcs (>= 1.2.0, < 2.0)
      rspec-support (~> 3.4.0)
    rspec-support (3.4.1)
    slop (3.6.0)
    spoon (0.0.4)
      ffi
    thor (0.19.1)
    thread_safe (0.3.5-java)
    tzinfo (1.2.2)
      thread_safe (~> 0.1)

PLATFORMS
  java

DEPENDENCIES
  graph_performance!
  pry
  pry-rescue
  rake
  rspec

BUNDLED WITH
   1.10.6
